PATH
  remote: ../AdventureRL
  specs:
    adventure_rl (0.0.1.pre.ld42)
      gosu (~> 0.13.3)

GEM
  remote: https://rubygems.org/
  specs:
    byebug (10.0.2)
    gosu (0.13.3)

PLATFORMS
  ruby

DEPENDENCIES
  adventure_rl!
  byebug

BUNDLED WITH
   1.16.3
